GEM
  remote: http://rubygems.org/
  specs:
    approvals (0.0.15)
      nokogiri (~> 1.6)
      thor (~> 0.18)
    columnize (0.8.9)
    coveralls (0.7.0)
      multi_json (~> 1.3)
      rest-client
      simplecov (>= 0.7)
      term-ansicolor
      thor
    database_cleaner (1.2.0)
    debugger (1.6.6)
      columnize (>= 0.3.1)
      debugger-linecache (~> 1.2.0)
      debugger-ruby_core_source (~> 1.3.2)
    debugger-linecache (1.2.0)
    debugger-ruby_core_source (1.3.2)
    docile (1.1.3)
    faraday (0.9.0)
      multipart-post (>= 1.2, < 3)
    mime-types (2.2)
    mini_portile (0.5.3)
    multi_json (1.10.0)
    multipart-post (2.0.0)
    nokogiri (1.6.1)
      mini_portile (~> 0.5.0)
    petroglyph (0.0.7)
      tilt
    pg (0.17.1)
    puma (2.8.2)
      rack (>= 1.1, < 2.0)
    rack (1.5.2)
    rack-protection (1.5.3)
      rack
    rack-test (0.6.2)
      rack (>= 1.0)
    rake (10.3.2)
    rest-client (1.6.7)
      mime-types (>= 1.16)
    simplecov (0.8.2)
      docile (~> 1.1.0)
      multi_json
      simplecov-html (~> 0.8.0)
    simplecov-html (0.8.0)
    sinatra (1.4.5)
      rack (~> 1.4)
      rack-protection (~> 1.4)
      tilt (~> 1.3, >= 1.3.4)
    term-ansicolor (1.3.0)
      tins (~> 1.0)
    thor (0.19.1)
    tilt (1.4.1)
    tins (1.1.0)

PLATFORMS
  ruby

DEPENDENCIES
  approvals
  coveralls
  database_cleaner
  debugger
  faraday
  petroglyph
  pg
  puma
  rack-test
  rake
  simplecov
  sinatra (~> 1.4.4)
